GEM
  remote: http://rubygems.org/
  specs:
    moneta (0.6.0)
    rspec (1.3.0)

PLATFORMS
  ruby

DEPENDENCIES
  moneta
  rspec
